PATH
  remote: .
  specs:
    dav4rack (0.3.0)
      addressable (>= 2.7.0)
      nokogiri (>= 1.4.2)
      ox (>= 2.1.0)
      rack (>= 1.1.0)
      uuidtools (~> 2.1.1)

GEM
  remote: https://rubygems.org/
  specs:
    activemodel (3.2.2)
      activesupport (= 3.2.2)
      builder (~> 3.0.0)
    activesupport (3.2.2)
      i18n (~> 0.6)
      multi_json (~> 1.0)
    addressable (2.7.0)
      public_suffix (>= 2.0.2, < 5.0)
    bson (1.12.5)
    bson_ext (1.12.5)
      bson (~> 1.12.5)
    builder (3.0.0)
    coderay (1.1.0)
    diff-lcs (1.1.3)
    i18n (0.6.0)
    kgio (2.11.4)
    method_source (0.8.2)
    mime-types (1.17.2)
    mini_portile2 (2.5.1)
    mongo (1.12.5)
      bson (= 1.12.5)
    mongoid (2.4.6)
      activemodel (~> 3.1)
      mongo (~> 1.3)
      tzinfo (~> 0.3.22)
    multi_json (1.1.0)
    nokogiri (1.11.6)
      mini_portile2 (~> 2.5.0)
      racc (~> 1.4)
    ox (2.14.4)
    pry (0.10.0)
      coderay (~> 1.1.0)
      method_source (~> 0.8.1)
      slop (~> 3.4)
    public_suffix (4.0.6)
    racc (1.5.2)
    rack (2.2.3)
    raindrops (0.19.2)
    rake (0.9.2.2)
    rspec (2.8.0)
      rspec-core (~> 2.8.0)
      rspec-expectations (~> 2.8.0)
      rspec-mocks (~> 2.8.0)
    rspec-core (2.8.0)
    rspec-expectations (2.8.0)
      diff-lcs (~> 1.1.2)
    rspec-mocks (2.8.0)
    ruby-prof (0.15.1)
    slop (3.5.0)
    tzinfo (0.3.32)
    unicorn (6.0.0)
      kgio (~> 2.6)
      raindrops (~> 0.7)
    uuidtools (2.1.5)

PLATFORMS
  ruby

DEPENDENCIES
  addressable (>= 2.7.0)
  bson_ext
  dav4rack!
  mime-types
  mongo
  mongoid
  ox
  pry
  rake
  rspec
  ruby-prof
  unicorn

BUNDLED WITH
   2.0.2
